PATH
  remote: .
  specs:
    visma (0.5.43)

GEM
  remote: https://rubygems.org/
  specs:

PLATFORMS
  ruby

DEPENDENCIES
  visma!

BUNDLED WITH
   1.13.1
