PATH
  remote: .
  specs:
    visma (0.5.58)

GEM
  remote: https://rubygems.org/
  specs:

PLATFORMS
  ruby

DEPENDENCIES
  visma!

BUNDLED WITH
   1.15.0
